GEM
  remote: https://rubygems.org/
  specs:
    asciidoctor (1.5.6.1)
    github-markup (2.0.1)

PLATFORMS
  ruby

DEPENDENCIES
  asciidoctor (= 1.5.6.1)
  github-markup

BUNDLED WITH
   1.16.4
